PATH
  remote: .
  specs:
    top50fintechs (0.1.0)

GEM
  remote: https://rubygems.org/
  specs:
    coderay (1.1.2)
    method_source (1.0.0)
    mini_portile2 (2.8.1)
    nokogiri (1.14.3)
      mini_portile2 (~> 2.8.0)
      racc (~> 1.4)
    pry (0.13.1)
      coderay (~> 1.1)
      method_source (~> 1.0)
    racc (1.6.2)
    rake (13.0.1)

PLATFORMS
  ruby

DEPENDENCIES
  bundler (~> 2.0)
  method_source (~> 1.0)
  nokogiri (~> 1.14)
  pry (~> 0.13.1)
  rake (~> 13.0, >= 13.0.1)
  top50fintechs!

BUNDLED WITH
   2.1.4
